PATH
  remote: .
  specs:
    motion-egg (0.1)

GEM
  remote: https://rubygems.org/
  specs:
    rake (10.3.1)

PLATFORMS
  ruby

DEPENDENCIES
  motion-egg!
  rake
